GEM
  remote: https://rubygems.org/
  specs:
    curb (0.9.3)
    puma (3.6.2)
    rack (1.6.4)
    rack-protection (1.5.3)
      rack
    rake (11.3.0)
    sequel (4.42.0)
    sinatra (1.4.7)
      rack (~> 1.5)
      rack-protection (~> 1.4)
      tilt (>= 1.3, < 3)
    sqlite3 (1.3.13)
    tilt (2.0.5)
    xml-simple (1.1.5)

PLATFORMS
  ruby

DEPENDENCIES
  curb
  puma
  rake
  sequel
  sinatra
  sqlite3
  xml-simple

BUNDLED WITH
   1.13.6
