GEM
  remote: https://rubygems.org/
  specs:
    curb (0.9.3)
    rack (1.6.4)
    rack-protection (1.5.3)
      rack
    sinatra (1.4.7)
      rack (~> 1.5)
      rack-protection (~> 1.4)
      tilt (>= 1.3, < 3)
    tilt (2.0.5)
    xml-simple (1.1.5)

PLATFORMS
  ruby

DEPENDENCIES
  curb
  sinatra
  xml-simple

BUNDLED WITH
   1.11.2
